GEM
  remote: https://rubygems.org/
  specs:
    colorize (0.8.1)
    m (1.5.1)
      method_source (>= 0.6.7)
      rake (>= 0.9.2.2)
    method_source (0.9.0)
    minitest (5.11.3)
    minitest-stub_any_instance (1.0.2)
    rake (12.3.1)

PLATFORMS
  ruby

DEPENDENCIES
  colorize
  m
  minitest
  minitest-stub_any_instance

BUNDLED WITH
   1.16.3
